GEM
  remote: http://rubygems.org/
  specs:
    charlock_holmes (0.6.9)
    diff-lcs (1.1.3)
    escape_utils (0.2.4)
    github-linguist (2.3.4)
      charlock_holmes (~> 0.6.6)
      escape_utils (~> 0.2.3)
      mime-types (~> 1.19)
      pygments.rb (>= 0.2.13)
    grit (2.5.0)
      diff-lcs (~> 1.1)
      mime-types (~> 1.15)
      posix-spawn (~> 0.3.6)
    mime-types (1.19)
    mustache (0.99.4)
    posix-spawn (0.3.6)
    pygments.rb (0.3.2)
      posix-spawn (~> 0.3.6)
      yajl-ruby (~> 1.1.0)
    rack (1.4.1)
    rack-protection (1.2.0)
      rack
    rake (10.0.1)
    sinatra (1.3.3)
      rack (~> 1.3, >= 1.3.6)
      rack-protection (~> 1.2)
      tilt (~> 1.3, >= 1.3.3)
    tilt (1.3.3)
    yajl-ruby (1.1.0)

PLATFORMS
  ruby

DEPENDENCIES
  github-linguist
  grit
  mustache
  rake
  sinatra
